GEM
  remote: https://rubygems.org/
  specs:
    minitest (5.15.0)

PLATFORMS
  universal-darwin-21

DEPENDENCIES
  minitest

BUNDLED WITH
   2.3.13
